GEM
  specs:
    colored (1.2)
    columnize (0.3.2)
    dirb (2.0.0)
    git (1.2.5)
    jeweler (1.5.2)
      bundler (~> 1.0.0)
      git (>= 1.2.5)
      rake
    linecache (0.43)
    nokogiri (1.4.4)
    rack (1.2.1)
    rake (0.8.7)
    ruby-debug (0.10.4)
      columnize (>= 0.1)
      ruby-debug-base (~> 0.10.4.0)
    ruby-debug-base (0.10.4)
      linecache (>= 0.3)

PLATFORMS
  ruby

DEPENDENCIES
  colored
  dirb (= 2.0.0)
  jeweler
  nokogiri (>= 1.4.0)
  rack (>= 1.0.0)
  rake
  ruby-debug
